GEM
  remote: http://rubygems.org/
  specs:
    activemodel (3.0.0)
      activesupport (= 3.0.0)
      builder (~> 2.1.2)
      i18n (~> 0.4.1)
    activerecord (3.0.0)
      activemodel (= 3.0.0)
      activesupport (= 3.0.0)
      arel (~> 1.0.0)
      tzinfo (~> 0.3.23)
    activesupport (3.0.0)
    arel (1.0.1)
      activesupport (~> 3.0.0)
    authlogic (2.1.6)
      activesupport
    builder (2.1.2)
    daemons (1.0.10)
    eventmachine (0.12.10)
    i18n (0.4.1)
    json (1.5.1)
    mysql (2.8.1)
    rack (1.2.1)
    rake (0.8.7)
    shotgun (0.9)
      rack (>= 1.0)
    sinatra (1.1.2)
      rack (~> 1.1)
      tilt (~> 1.2)
    sqlite3 (1.3.3)
    sqlite3-ruby (1.3.3)
      sqlite3 (>= 1.3.3)
    thin (1.2.11)
      daemons (>= 1.0.9)
      eventmachine (>= 0.12.6)
      rack (>= 1.0.0)
    tilt (1.2.2)
    tzinfo (0.3.23)

PLATFORMS
  ruby

DEPENDENCIES
  activerecord (~> 3.0.0)
  authlogic
  daemons (= 1.0.10)
  json (~> 1.5.1)
  mysql (~> 2.8.1)
  rake
  shotgun
  sinatra (~> 1.1.0)
  sqlite3-ruby (~> 1.3.3)
  thin
