GEM
  remote: http://rubygems.org/
  specs:
    activemodel (3.0.6)
      activesupport (= 3.0.6)
      builder (~> 2.1.2)
      i18n (~> 0.5.0)
    activerecord (3.0.6)
      activemodel (= 3.0.6)
      activesupport (= 3.0.6)
      arel (~> 2.0.2)
      tzinfo (~> 0.3.23)
    activesupport (3.0.6)
    ansi (1.3.0)
    arel (2.0.9)
    assert_json (0.0.3)
      activesupport
    authlogic (2.1.6)
      activesupport
    builder (2.1.2)
    daemons (1.1.4)
    eventmachine (0.12.10)
    factory_girl (2.2.0)
      activesupport
    i18n (0.5.0)
    json (1.5.1)
    mysql (2.8.1)
    rack (1.2.2)
    rack-test (0.6.0)
      rack (>= 1.0)
    rake (0.8.7)
    shotgun (0.9)
      rack (>= 1.0)
    shoulda-context (1.0.0.beta1)
    sinatra (1.2.3)
      rack (~> 1.1)
      tilt (>= 1.2.2, < 2.0)
    sqlite3 (1.3.3)
    sqlite3-ruby (1.3.3)
      sqlite3 (>= 1.3.3)
    thin (1.2.11)
      daemons (>= 1.0.9)
      eventmachine (>= 0.12.6)
      rack (>= 1.0.0)
    tilt (1.2.2)
    turn (0.8.2)
      ansi (>= 1.2.2)
    tzinfo (0.3.26)

PLATFORMS
  ruby

DEPENDENCIES
  activerecord (~> 3.0.6)
  assert_json
  authlogic
  factory_girl (~> 2.2.0)
  json (~> 1.5.1)
  mysql (~> 2.8.1)
  rack-test
  rake
  shotgun
  shoulda-context
  sinatra
  sqlite3-ruby (~> 1.3.3)
  thin
  turn
