GEM
  remote: http://rubygems.org/
  specs:
    ParseTree (3.0.7)
      RubyInline (>= 3.7.0)
      sexp_processor (>= 3.0.0)
    RubyInline (3.9.0)
      ZenTest (~> 4.3)
    ZenTest (4.6.1)
    activemodel (3.0.6)
      activesupport (= 3.0.6)
      builder (~> 2.1.2)
      i18n (~> 0.5.0)
    activerecord (3.0.6)
      activemodel (= 3.0.6)
      activesupport (= 3.0.6)
      arel (~> 2.0.2)
      tzinfo (~> 0.3.23)
    activesupport (3.0.6)
    addressable (2.2.6)
    arel (2.0.9)
    authlogic (2.1.6)
      activesupport
    builder (2.1.2)
    chicago (0.3.13)
    coderay (0.9.8)
    daemons (1.1.4)
    data_objects (0.10.6)
      addressable (~> 2.1)
    dm-core (1.1.0)
      addressable (~> 2.2.4)
    dm-do-adapter (1.1.0)
      data_objects (~> 0.10.2)
      dm-core (~> 1.1.0)
    dm-sqlite-adapter (1.1.0)
      dm-do-adapter (~> 1.1.0)
      do_sqlite3 (~> 0.10.2)
    dm-sweatshop (1.1.0)
      ParseTree (~> 3.0.7)
      dm-core (~> 1.1.0)
      randexp (~> 0.1.5)
    do_sqlite3 (0.10.6)
      data_objects (= 0.10.6)
    eventmachine (0.12.10)
    faker (0.9.5)
      i18n (~> 0.4)
    i18n (0.5.0)
    json (1.5.1)
    method_source (0.6.0)
      ruby_parser (>= 2.0.5)
    mysql (2.8.1)
    pry (0.9.3)
      coderay (>= 0.9.8)
      method_source (>= 0.6.0)
      ruby_parser (>= 2.0.5)
      slop (~> 1.9.0)
    rack (1.2.2)
    rack-test (0.6.1)
      rack (>= 1.0)
    rake (0.8.7)
    randexp (0.1.5)
      ParseTree
    riot (0.12.4)
      rr
    rr (1.0.3)
    ruby_parser (2.2.0)
      sexp_processor (~> 3.0)
    sexp_processor (3.0.6)
    shotgun (0.9)
      rack (>= 1.0)
    sinatra (1.2.3)
      rack (~> 1.1)
      tilt (>= 1.2.2, < 2.0)
    slop (1.9.1)
    sqlite3 (1.3.3)
    sqlite3-ruby (1.3.3)
      sqlite3 (>= 1.3.3)
    thin (1.2.11)
      daemons (>= 1.0.9)
      eventmachine (>= 0.12.6)
      rack (>= 1.0.0)
    tilt (1.2.2)
    tzinfo (0.3.26)

PLATFORMS
  ruby

DEPENDENCIES
  activerecord (~> 3.0.6)
  authlogic
  chicago
  dm-sqlite-adapter
  dm-sweatshop
  faker
  json (~> 1.5.1)
  mysql (~> 2.8.1)
  pry
  rack-test
  rake
  riot
  shotgun
  sinatra
  sqlite3-ruby (~> 1.3.3)
  thin
